PATH
  remote: .
  specs:
    tame_impala (0.1.13)

GEM
  remote: https://rubygems.org/
  specs:
    concurrent-ruby (1.1.6)
    concurrent-ruby-ext (1.1.6)
      concurrent-ruby (= 1.1.6)
    diff-lcs (1.3)
    guess_html_encoding (0.0.11)
    mini_portile2 (2.4.0)
    nokogiri (1.10.8)
      mini_portile2 (~> 2.4.0)
    rake (12.3.3)
    rspec (3.9.0)
      rspec-core (~> 3.9.0)
      rspec-expectations (~> 3.9.0)
      rspec-mocks (~> 3.9.0)
    rspec-core (3.9.1)
      rspec-support (~> 3.9.1)
    rspec-expectations (3.9.0)
      diff-lcs (>= 1.2.0, < 2.0)
      rspec-support (~> 3.9.0)
    rspec-mocks (3.9.1)
      diff-lcs (>= 1.2.0, < 2.0)
      rspec-support (~> 3.9.0)
    rspec-support (3.9.2)
    ruby-readability (0.7.0)
      guess_html_encoding (>= 0.0.4)
      nokogiri (>= 1.6.0)

PLATFORMS
  ruby

DEPENDENCIES
  concurrent-ruby
  concurrent-ruby-ext
  nokogiri
  rake (~> 12.0)
  rspec (~> 3.0)
  ruby-readability
  tame_impala!

BUNDLED WITH
   2.1.4
